PATH
  remote: ../boxgrinder-core
  specs:
    boxgrinder-core (0.3.12)

GEM
  remote: http://rubygems.org/
  specs:
    aws-sdk (1.1.4)
      httparty (~> 0.7)
      json (~> 1.4)
      nokogiri (>= 1.4.4)
      uuidtools (~> 2.1)
    builder (3.0.0)
    httparty (0.8.3)
      multi_json (~> 1.0)
      multi_xml
    json (1.7.3)
    mime-types (1.18)
    multi_json (1.3.6)
    multi_xml (0.5.1)
    net-sftp (2.0.5)
      net-ssh (>= 2.0.9)
    net-ssh (2.5.2)
    nokogiri (1.5.2)
    progressbar (0.11.0)
    rest-client (1.6.7)
      mime-types (>= 1.16)
    uuidtools (2.1.2)

PLATFORMS
  ruby

DEPENDENCIES
  aws-sdk (~> 1.1.1)
  boxgrinder-core (= 0.3.12)!
  builder
  net-sftp
  net-ssh
  nokogiri
  progressbar
  rest-client
